GEM
  remote: http://rubygems.org/
  specs:
    actionmailer (2.3.5)
      actionpack (= 2.3.5)
    actionpack (2.3.5)
      activesupport (= 2.3.5)
      rack (~> 1.0.0)
    activemerchant (1.4.2)
      activesupport (>= 2.3.2)
      builder (>= 2.0.0)
    activerecord (2.3.5)
      activesupport (= 2.3.5)
    activerecord-tableless (0.1.0)
      activerecord
    activeresource (2.3.5)
      activesupport (= 2.3.5)
    activesupport (2.3.5)
    authlogic (2.1.6)
      activesupport
    authlogic-oid (1.0.4)
      authlogic
    builder (3.0.0)
    chronic (0.2.3)
      hoe (>= 1.2.1)
    faker (0.3.1)
    haml (3.0.24)
    highline (1.5.1)
    hoe (2.7.0)
      rake (>= 0.8.7)
      rubyforge (>= 2.0.4)
    json_pure (1.4.6)
    less (1.2.20)
      mutter (>= 0.4.2)
      treetop (>= 1.4.2)
    mutter (0.5.3)
    paperclip (2.3.6)
      activerecord
      activesupport
    polyglot (0.3.1)
    rack (1.0.1)
    rails (2.3.5)
      actionmailer (= 2.3.5)
      actionpack (= 2.3.5)
      activerecord (= 2.3.5)
      activeresource (= 2.3.5)
      activesupport (= 2.3.5)
      rake (>= 0.8.3)
    rake (0.8.7)
    ruby-openid (2.1.8)
    rubyforge (2.0.4)
      json_pure (>= 1.1.7)
    searchlogic (2.3.5)
      activerecord (>= 2.0.0)
    sqlite3-ruby (1.3.2)
    state_machine (0.8.0)
    stringex (1.0.3)
    treetop (1.4.9)
      polyglot (>= 0.3.1)
    whenever (0.3.7)
      chronic (>= 0.2.3)
    will_paginate (2.3.11)

PLATFORMS
  ruby

DEPENDENCIES
  activemerchant (= 1.4.2)
  activerecord-tableless (= 0.1.0)
  authlogic (>= 2.1.2)
  authlogic-oid (= 1.0.4)
  chronic (= 0.2.3)
  faker (= 0.3.1)
  haml
  highline (= 1.5.1)
  less (= 1.2.20)
  paperclip (>= 2.3.1.1)
  rails (= 2.3.5)
  ruby-openid (= 2.1.8)
  searchlogic (= 2.3.5)
  sqlite3-ruby
  state_machine (= 0.8.0)
  stringex (= 1.0.3)
  whenever (= 0.3.7)
  will_paginate (= 2.3.11)
